GEM
  remote: http://rubygems.org/
  specs:
    POpen4 (0.1.4)
      Platform (>= 0.4.0)
      open4
    Platform (0.4.0)
    addressable (2.2.7)
    albino (1.3.3)
      posix-spawn (>= 0.3.6)
    chunky_png (1.2.5)
    classifier (1.3.3)
      fast-stemmer (>= 1.0.0)
    compass (0.12.1)
      chunky_png (~> 1.2)
      fssm (>= 0.2.7)
      sass (~> 3.1)
    compass-susy-plugin (0.9)
      compass (>= 0.11.1)
    directory_watcher (1.4.1)
    facade (1.0.5)
    fast-stemmer (1.0.0)
    fssm (0.2.8.1)
    heroku (2.21.3)
      launchy (>= 0.3.2)
      netrc (~> 0.7.1)
      rest-client (~> 1.6.1)
      rubyzip
    jekyll (0.11.2)
      albino (~> 1.3)
      classifier (~> 1.3)
      directory_watcher (~> 1.1)
      kramdown (~> 0.13)
      liquid (~> 2.3)
      maruku (~> 0.5)
    kramdown (0.13.4)
    launchy (2.0.5)
      addressable (~> 2.2.6)
    liquid (2.3.0)
    maruku (0.6.0)
      syntax (>= 1.0.0)
    mime-types (1.17.2)
    netrc (0.7.1)
    open4 (1.3.0)
    pathname2 (1.6.5)
      facade
    posix-spawn (0.3.6)
    rack (1.4.1)
    rack-jekyll (0.3.5)
      jekyll
      rack
    rdiscount (1.6.8)
    rest-client (1.6.7)
      mime-types (>= 1.16)
    rubyzip (0.9.6.1)
    sass (3.2.0.alpha.94)
    syntax (1.0.0)
    yui-compressor (0.9.6)
      POpen4 (>= 0.1.4)
    zocial (0.0.4)
      compass (>= 0.11.5)

PLATFORMS
  ruby

DEPENDENCIES
  compass (>= 0.12.rc.1)
  compass-susy-plugin
  heroku
  jekyll
  pathname2
  rack-jekyll
  rdiscount
  sass (>= 3.2.0.alpha.91)
  yui-compressor
  zocial
